GEM
  remote: https://rubygems.org/
  specs:
    bittrex (0.0.4)
      faraday (~> 0.9.0)
    faraday (0.9.2)
      multipart-post (>= 1.2, < 3)
    multipart-post (2.0.0)

PLATFORMS
  ruby

DEPENDENCIES
  bittrex

BUNDLED WITH
   1.16.0
